GEM
  remote: https://rubygems.org/
  specs:
    crowdin-api (0.4.0)
      rest-client
    crowdin-cli (0.5.1)
      crowdin-api (~> 0.4.0)
      gli (~> 2.9)
      i18n (~> 0.7, >= 0.7.0)
      rubyzip (~> 1.0)
    domain_name (0.5.20160309)
      unf (>= 0.0.5, < 1.0.0)
    gli (2.13.4)
    http-cookie (1.0.2)
      domain_name (~> 0.5)
    i18n (0.7.0)
    mime-types (2.99.1)
    netrc (0.11.0)
    rest-client (1.8.0)
      http-cookie (>= 1.0.2, < 2.0)
      mime-types (>= 1.16, < 3.0)
      netrc (~> 0.7)
    rubyzip (1.2.0)
    unf (0.1.4)
      unf_ext
    unf_ext (0.0.7.2)

PLATFORMS
  ruby

DEPENDENCIES
  crowdin-cli

BUNDLED WITH
   1.11.2
